{
  "TaskName": "APPLESEED example",
  "InstitutionName": "University of Virginia",
  "Manufacturer": "Brain Products",
  "ManufacturersModelName": "BrainAmp DC",
  "SoftwareVersions": "BrainVision Recorder Professional V. 1.21.0102",
  "TaskDescription": "This task consists of passive viewing of faces and objects, and passive listening to English speech and water sounds. A full description of the task is available at Puglia, M. H., Krol, K. M., Missana, M., Williams, C. L., Lillard, T. S., Morris, J. P., Connelly, J.J., & Grossmann, T. (2020). Epigenetic tuning of brain signal entropy in emergent human social behavior. BMC medicine, 18(1), 1-24. https://doi.org/10.1186/s12916-020-01683-x",
  "EEGReference": "FCz",
  "SamplingFrequency": 5000,
  "PowerLineFrequency": 60,
  "SoftwareFilters": "n/a",
  "CapManufacturer": "EasyCap",
  "CapManufacturersModelName": "Standard 32Ch actiCAP snap",
  "EEGChannelCount": 32,
  "ECGChannelCount": 0,
  "EMGChannelCount": 0,
  "EOGChannelCount": 0,
  "MiscChannelCount": 0,
  "TriggerChannelCount": 0,
  "RecordingDuration": 552.2198,
  "RecordingType": "continuous",
  "EEGGround": "Fpz",
  "HeadCircumference": 43,
  "EEGPlacementScheme": "10-20",
  "HardwareFilters": {
    "Band-pass filter": {
      "high cutoff (Hz)": 1000,
      "low cutoff (s)": 10
    }
  }
}